GEM
  remote: https://rubygems.org/
  specs:
    colorize (0.7.7)
    mechanize (2.7.3)
    unicode (0.4.4.2)

PLATFORMS
  ruby

DEPENDENCIES
  colorize (= 0.7.7)
  mechanize (= 2.7.3) 
  unicode (= 0.4.4.2)
 
